GIT
  remote: git://github.com/maxdemarzi/neography.git
  revision: aa6c1aedd2e6ce38b197f3b16e9020c645eb05be
  specs:
    neography (1.0.9)
      httpclient (>= 2.3.3)
      json (>= 1.6.0)
      multi_json (>= 1.3.2)
      os (>= 0.9.6)
      rake (>= 0.8.7)
      rubyzip (>= 0.9.7)

GEM
  remote: https://rubygems.org/
  specs:
    backports (3.3.0)
    daemons (1.1.9)
    eventmachine (1.0.3)
    foreman (0.62.0)
      thor (>= 0.13.6)
    haml (4.0.2)
      tilt
    hike (1.2.2)
    httpclient (2.3.3)
    jsmin (1.0.1)
    json (1.7.7)
    multi_json (1.7.2)
    oj (2.0.10)
    os (0.9.6)
    rack (1.5.2)
    rack-protection (1.5.0)
      rack
    rack-test (0.6.2)
      rack (>= 1.0)
    rake (10.0.4)
    rubyzip (0.9.9)
    sinatra (1.4.2)
      rack (~> 1.5, >= 1.5.2)
      rack-protection (~> 1.4)
      tilt (~> 1.3, >= 1.3.4)
    sinatra-assetpack (0.1.7)
      jsmin
      rack-test
      sinatra
      tilt (>= 1.3.0)
    sinatra-contrib (1.4.0)
      backports (>= 2.0)
      eventmachine
      rack-protection
      rack-test
      sinatra (~> 1.4.2)
      tilt (~> 1.3)
    sprockets (2.9.2)
      hike (~> 1.2)
      multi_json (~> 1.0)
      rack (~> 1.0)
      tilt (~> 1.1, != 1.3.0)
    thin (1.5.1)
      daemons (>= 1.0.9)
      eventmachine (>= 0.12.6)
      rack (>= 1.0.0)
    thor (0.18.1)
    tilt (1.3.7)

PLATFORMS
  ruby

DEPENDENCIES
  foreman
  haml
  neography!
  oj
  sinatra
  sinatra-assetpack
  sinatra-contrib
  sprockets
  thin
